GEM
  remote: https://rubygems.org/
  specs:
    ansi (1.5.0)
    ast (2.3.0)
    cinch (2.3.2)
    iso8601 (0.9.1)
    net_http_timeout_errors (0.3.0)
    oga (2.6)
      ast
      ruby-ll (~> 2.1)
    ruby-ll (2.1.2)
      ansi
      ast
    video_info (2.6.1)
      iso8601 (~> 0.9)
      net_http_timeout_errors (~> 0.3.0)
      oga (~> 2.2)

PLATFORMS
  ruby

DEPENDENCIES
  cinch
  video_info

BUNDLED WITH
   1.12.5
